GEM
  remote: https://rubygems.org/
  specs:
    activesupport (7.0.3.1)
      concurrent-ruby (~> 1.0, >= 1.0.2)
      i18n (>= 1.6, < 2)
      minitest (>= 5.1)
      tzinfo (~> 2.0)
    awesome_print (1.9.2)
    coderay (1.1.3)
    concurrent-ruby (1.1.10)
    debug (1.6.2)
      irb (>= 1.3.6)
      reline (>= 0.3.1)
    excon (0.92.4)
    i18n (1.12.0)
      concurrent-ruby (~> 1.0)
    io-console (0.5.11)
    irb (1.4.1)
      reline (>= 0.3.0)
    json (2.6.2)
    method_source (1.0.0)
    minitest (5.16.3)
    pry (0.14.1)
      coderay (~> 1.1)
      method_source (~> 1.0)
    rake (13.0.6)
    reline (0.3.1)
      io-console (~> 0.5)
    tzinfo (2.0.5)
      concurrent-ruby (~> 1.0)

PLATFORMS
  ruby

DEPENDENCIES
  activesupport
  awesome_print
  debug (>= 1.0.0)
  excon
  json
  pry
  rake

RUBY VERSION
   ruby 2.7.6p219

BUNDLED WITH
   2.1.4
